NUGET
  remote: https://nuget.org/api/v2
  specs:
    FAKE (3.35.5)
    FSharp.Compiler.Service (1.3.1.0)
    FSharp.Core (3.1.2.1)
    FSharp.Core.3 (0.0.2)
    FSharp.Data (2.2.4)
      Zlib.Portable (>= 1.10.0) - framework: portable-net40+sl50+wp80+win80
    FSharp.Data.TypeProviders (0.0.1)
      FSharp.Core.3 (>= 0.0.2)
    FsPickler (1.2.13)
    Suave (0.30.0)
      FSharp.Core (>= 3.1.2.1)
      FsPickler (>= 1.2.5)
    Zlib.Portable (1.11.0) - framework: portable-net40+sl50+wp80+win80
